GEM
  remote: https://rubygems.org/
  specs:
    activemodel (7.1.3.4)
      activesupport (= 7.1.3.4)
    activerecord (7.1.3.4)
      activemodel (= 7.1.3.4)
      activesupport (= 7.1.3.4)
      timeout (>= 0.4.0)
    activesupport (7.1.3.4)
      base64
      bigdecimal
      concurrent-ruby (~> 1.0, >= 1.0.2)
      connection_pool (>= 2.2.5)
      drb
      i18n (>= 1.6, < 2)
      minitest (>= 5.1)
      mutex_m
      tzinfo (~> 2.0)
    base64 (0.2.0)
    bcrypt (3.1.20)
    bigdecimal (3.1.8)
    concurrent-ruby (1.3.2)
    connection_pool (2.4.1)
    dotenv (2.8.1)
    drb (2.2.1)
    i18n (1.14.5)
      concurrent-ruby (~> 1.0)
    minitest (5.23.1)
    multi_json (1.15.0)
    mustermann (2.0.2)
      ruby2_keywords (~> 0.0.1)
    mutex_m (0.2.0)
    pg (1.5.6)
    rack (2.2.9)
    rack-protection (2.2.4)
      rack
    rake (13.2.1)
    ruby2_keywords (0.0.5)
    sinatra (2.2.4)
      mustermann (~> 2.0)
      rack (~> 2.2)
      rack-protection (= 2.2.4)
      tilt (~> 2.0)
    sinatra-activerecord (2.0.27)
      activerecord (>= 4.1)
      sinatra (>= 1.0)
    sinatra-contrib (2.2.4)
      multi_json
      mustermann (~> 2.0)
      rack-protection (= 2.2.4)
      sinatra (= 2.2.4)
      tilt (~> 2.0)
    tilt (2.3.0)
    timeout (0.4.1)
    tzinfo (2.0.6)
      concurrent-ruby (~> 1.0)
    webrick (1.8.1)

PLATFORMS
  aarch64-linux
  arm64-darwin-21
  arm64-darwin-22
  x86_64-linux

DEPENDENCIES
  activerecord (~> 7.0)
  bcrypt (~> 3.1)
  dotenv (~> 2.7)
  pg (~> 1.2)
  rake (~> 13.2)
  sinatra (~> 2.1)
  sinatra-activerecord (~> 2.0)
  sinatra-contrib (~> 2.1)
  webrick (~> 1.7)

RUBY VERSION
   ruby 3.1.4p223

BUNDLED WITH
   2.2.3
